PATH
  remote: .
  specs:
    fargo (0.4.0)
      activesupport (>= 3.0.0)
      bzip2-ruby
      em-http-request
      em-websocket
      eventmachine
      nokogiri

GEM
  remote: http://rubygems.org/
  specs:
    activesupport (3.0.1)
    addressable (2.2.2)
    bzip2-ruby (0.2.7)
    diff-lcs (1.1.2)
    em-http-request (0.2.14)
      addressable (>= 2.0.0)
      eventmachine (>= 0.12.9)
    em-websocket (0.1.4)
      addressable (>= 2.1.1)
      eventmachine (>= 0.12.9)
    eventmachine (0.12.10)
    nokogiri (1.4.3.1)
    rake (0.8.7)
    rcov (0.9.9)
    rspec (2.1.0)
      rspec-core (~> 2.1.0)
      rspec-expectations (~> 2.1.0)
      rspec-mocks (~> 2.1.0)
    rspec-core (2.1.0)
    rspec-expectations (2.1.0)
      diff-lcs (~> 1.1.2)
    rspec-mocks (2.1.0)
    simplecov (0.3.7)
      simplecov-html (>= 0.3.7)
    simplecov-html (0.3.9)

PLATFORMS
  ruby

DEPENDENCIES
  activesupport (>= 3.0.0)
  bzip2-ruby
  em-http-request
  em-websocket
  eventmachine
  fargo!
  nokogiri
  rake
  rcov
  rspec (>= 2.0.0.rc)
  simplecov
