PATH
  remote: .
  specs:
    fargo (0.3.0)
      activesupport (>= 3.0.0)
      bzip2-ruby
      eventmachine
      libxml-ruby

GEM
  remote: http://rubygems.org/
  specs:
    activesupport (3.0.0)
    bzip2-ruby (0.2.6)
    diff-lcs (1.1.2)
    eventmachine (0.12.10)
    libxml-ruby (1.1.4)
    rake (0.8.7)
    rcov (0.9.9)
    rspec (2.0.0.rc)
      rspec-core (= 2.0.0.rc)
      rspec-expectations (= 2.0.0.rc)
      rspec-mocks (= 2.0.0.rc)
    rspec-core (2.0.0.rc)
    rspec-expectations (2.0.0.rc)
      diff-lcs (>= 1.1.2)
    rspec-mocks (2.0.0.rc)
      rspec-core (= 2.0.0.rc)
      rspec-expectations (= 2.0.0.rc)

PLATFORMS
  ruby

DEPENDENCIES
  activesupport (>= 3.0.0)
  bzip2-ruby
  eventmachine
  fargo!
  libxml-ruby
  rake
  rcov
  rspec (>= 2.0.0.rc)
